GEM
  remote: https://rubygems.org/
  specs:
    adsf (1.1.1)
      rack (>= 1.0.0)
    chunky_png (1.2.6)
    coderay (1.0.9)
    colored (1.2)
    compass (0.12.2)
      chunky_png (~> 1.2)
      fssm (>= 0.2.7)
      sass (~> 3.1)
    cri (2.3.0)
      colored (>= 1.2)
    ethon (0.5.10)
      ffi (~> 1.3.0)
      mime-types (~> 1.18)
    ffi (1.3.1)
    fssm (0.2.9)
    haml (3.1.7)
    method_source (0.8.1)
    mime-types (1.19)
    nanoc (3.6.1)
      cri (~> 2.3)
    nokogiri (1.5.5)
    pry (0.9.12)
      coderay (~> 1.0.5)
      method_source (~> 0.8)
      slop (~> 3.4)
    rack (1.4.1)
    rake (10.0.3)
    rdiscount (1.6.8)
    sass (3.2.7)
    slop (3.4.4)
    typhoeus (0.6.2)
      ethon (~> 0.5.10)

PLATFORMS
  ruby

DEPENDENCIES
  adsf
  chunky_png
  compass
  cri
  fssm
  haml
  mime-types
  nanoc
  nokogiri
  pry
  rack
  rake
  rdiscount
  sass
  typhoeus
