GIT
  remote: git://github.com/nanoc/nanoc.git
  revision: 09f973f67b4768b1d32151289aede81d43dffdd4
  specs:
    nanoc (3.6.3)
      cri (~> 2.3)

GEM
  remote: https://rubygems.org/
  specs:
    adsf (1.1.1)
      rack (>= 1.0.0)
    chunky_png (1.2.8)
    coderay (1.0.9)
    colored (1.2)
    compass (0.12.2)
      chunky_png (~> 1.2)
      fssm (>= 0.2.7)
      sass (~> 3.1)
    cri (2.3.0)
      colored (>= 1.2)
    ethon (0.5.11)
      ffi (>= 1.3.0)
      mime-types (~> 1.18)
    ffi (1.6.0)
    fssm (0.2.10)
    haml (4.0.2)
      tilt
    method_source (0.8.1)
    mime-types (1.22)
    nokogiri (1.5.9)
    pry (0.9.12)
      coderay (~> 1.0.5)
      method_source (~> 0.8)
      slop (~> 3.4)
    rack (1.5.2)
    rake (10.0.4)
    rdiscount (2.0.7.2)
    sass (3.2.7)
    slop (3.4.4)
    tilt (1.3.7)
    typhoeus (0.6.3)
      ethon (~> 0.5.11)

PLATFORMS
  ruby

DEPENDENCIES
  adsf
  chunky_png
  compass
  cri
  fssm
  haml
  mime-types
  nanoc!
  nokogiri
  pry
  rack
  rake
  rdiscount
  sass
  typhoeus
