GIT
  remote: git://github.com/nanoc/nanoc.git
  revision: 31d096e90150559580f716ce86f423f90f3dc650
  branch: release-3.7.x
  specs:
    nanoc (3.7.3)
      cri (~> 2.3)

GEM
  remote: https://rubygems.org/
  specs:
    adsf (1.2.0)
      rack (>= 1.0.0)
    builder (3.2.2)
    celluloid (0.16.0)
      timers (~> 4.0.0)
    chunky_png (1.3.3)
    coderay (1.1.0)
    colored (1.2)
    compass (1.0.1)
      chunky_png (~> 1.2)
      compass-core (~> 1.0.1)
      compass-import-once (~> 1.0.5)
      rb-fsevent (>= 0.9.3)
      rb-inotify (>= 0.9)
      sass (>= 3.3.13, < 3.5)
    compass-core (1.0.1)
      multi_json (~> 1.0)
      sass (>= 3.3.0, < 3.5)
    compass-import-once (1.0.5)
      sass (>= 3.2, < 3.5)
    cri (2.6.1)
      colored (~> 1.2)
    ethon (0.7.1)
      ffi (>= 1.3.0)
    ffi (1.9.6)
    formatador (0.2.5)
    fssm (0.2.10)
    guard (2.8.2)
      formatador (>= 0.2.4)
      listen (~> 2.7)
      lumberjack (~> 1.0)
      pry (>= 0.9.12)
      thor (>= 0.18.1)
    guard-nanoc (1.0.2)
      guard (>= 1.8.0)
      nanoc (>= 3.6.3)
    haml (4.0.5)
      tilt
    hitimes (1.2.2)
    listen (2.8.0)
      celluloid (>= 0.15.2)
      rb-fsevent (>= 0.9.3)
      rb-inotify (>= 0.9)
    lumberjack (1.0.9)
    method_source (0.8.2)
    mime-types (2.4.3)
    mini_portile (0.6.1)
    multi_json (1.10.1)
    nokogiri (1.6.4.1)
      mini_portile (~> 0.6.0)
    pry (0.10.1)
      coderay (~> 1.1.0)
      method_source (~> 0.8.1)
      slop (~> 3.4)
    rack (1.5.2)
    rake (10.3.2)
    rb-fsevent (0.9.4)
    rb-inotify (0.9.5)
      ffi (>= 0.5.0)
    rdiscount (2.1.7.1)
    sass (3.4.8)
    slop (3.6.0)
    thor (0.19.1)
    tilt (2.0.1)
    timers (4.0.1)
      hitimes
    typhoeus (0.6.9)
      ethon (>= 0.7.1)

PLATFORMS
  ruby

DEPENDENCIES
  adsf
  builder
  chunky_png
  compass
  cri
  fssm
  guard-nanoc
  haml
  mime-types
  nanoc!
  nokogiri
  pry
  rack
  rake
  rdiscount
  sass
  typhoeus
